PATH
  remote: .
  specs:
    stashboard (0.0.1)
      oauth (>= 0.4.4)
      yajl-ruby (>= 0.8.1)

GEM
  remote: http://rubygems.org/
  specs:
    oauth (0.4.4)
    yajl-ruby (1.4.1)
    yard (0.6.4)

PLATFORMS
  ruby

DEPENDENCIES
  stashboard!
  yard (>= 0.6.4)
